GEM
  remote: http://rubygems.org/
  specs:
    builder (2.1.2)
    compass (0.10.5)
      haml (>= 3.0.4)
    compass-susy-plugin (0.8.1)
      compass (>= 0.10.0)
    cri (1.0.1)
    haml (3.0.22)
    jsmin (1.0.1)
    kramdown (0.12.0)
    nanoc (3.1.5)
      nanoc3 (>= 3.1.5)
    nanoc3 (3.1.5)
      cri (>= 1.0.0)
    rainpress (1.0)
    ruby-taglib2 (1.02)

PLATFORMS
  ruby

DEPENDENCIES
  builder
  compass (~> 0.1)
  compass-susy-plugin (~> 0.8)
  haml (~> 3.0)
  jsmin (~> 1.0)
  kramdown (~> 0.10)
  nanoc (~> 3.1)
  rainpress (~> 1.0)
  ruby-taglib2 (~> 1.0)
