GEM
  remote: http://rubygems.org/
  specs:
    adsf (1.1.1)
      rack (>= 1.0.0)
    builder (3.0.0)
    chunky_png (1.2.5)
    cloudfiles (1.5.0.1)
      json
    colored (1.2)
    compass (0.12.1)
      chunky_png (~> 1.2)
      fssm (>= 0.2.7)
      sass (~> 3.1)
    compass-susy-plugin (0.9)
      compass (>= 0.11.1)
    cri (2.3.0)
      colored (>= 1.2)
    fssm (0.2.9)
    jsmin (1.0.1)
    json (1.5.3)
    kramdown (0.13.7)
    mime-types (1.18)
    nanoc (3.4.0)
      cri (~> 2.2)
    rack (1.4.1)
    rack-rewrite (1.2.1)
    rainpress (1.0)
    ruby-mp3info (0.7.1)
    sass (3.1.19)

PLATFORMS
  ruby

DEPENDENCIES
  adsf
  builder
  cloudfiles
  compass
  compass-susy-plugin
  jsmin
  kramdown
  mime-types
  nanoc (~> 3.2)
  rack
  rack-rewrite
  rainpress
  ruby-mp3info
  sass
